GEM
  remote: https://rubygems.org/
  specs:
    ZenTest (4.11.2)
    autotest (4.4.6)
      ZenTest (>= 4.4.1)
    diff-lcs (1.3)
    notifier (0.5.2)
    rspec (3.8.0)
      rspec-core (~> 3.8.0)
      rspec-expectations (~> 3.8.0)
      rspec-mocks (~> 3.8.0)
    rspec-autotest (1.0.2)
      rspec-core (>= 2.99.0.beta1, < 4.0.0)
    rspec-core (3.8.0)
      rspec-support (~> 3.8.0)
    rspec-expectations (3.8.2)
      diff-lcs (>= 1.2.0, < 2.0)
      rspec-support (~> 3.8.0)
    rspec-mocks (3.8.0)
      diff-lcs (>= 1.2.0, < 2.0)
      rspec-support (~> 3.8.0)
    rspec-support (3.8.0)
    test_notifier (2.0.3)
      notifier

PLATFORMS
  ruby

DEPENDENCIES
  autotest
  rspec
  rspec-autotest
  test_notifier

BUNDLED WITH
   1.17.2
